PATH
  remote: ../rulers
  specs:
    rulers (0.0.2)
      erubis
      multi_json
      rack

GEM
  remote: http://rubygems.org/
  specs:
    erubis (2.7.0)
    multi_json (1.12.1)
    rack (2.0.3)

PLATFORMS
  ruby

DEPENDENCIES
  rulers!

BUNDLED WITH
   1.15.1
